GIT
  remote: http://github.com/postmodern/dm-migrations.git
  revision: 0fbaeefb1d260ac312d23b13d62c09de89d1f1af
  branch: runner
  specs:
    dm-migrations (1.0.2)
      dm-core (~> 1.0.2)

GIT
  remote: http://github.com/ronin-ruby/ronin-support.git
  revision: 1761850b4897063e1268a2f2e58d559850cf45e2
  specs:
    ronin-support (0.1.0)
      chars (~> 0.1.2)
      data_paths (~> 0.2.1)
      uri-query_params (~> 0.4.0)

GIT
  remote: http://github.com/ronin-ruby/ronin.git
  revision: 7dc2492890d734f7558c1c9887174945e1d31a25
  specs:
    ronin (0.4.0)
      activesupport (~> 3.0.0)
      contextify (~> 0.1.6)
      data_paths (~> 0.2.1)
      dm-aggregates (~> 1.0.2)
      dm-constraints (~> 1.0.2)
      dm-core (~> 1.0.2)
      dm-do-adapter (~> 1.0.2)
      dm-is-predefined (~> 0.3.0)
      dm-migrations (~> 1.0.2)
      dm-sqlite-adapter (~> 1.0.2)
      dm-tags (~> 1.0.2)
      dm-timestamps (~> 1.0.2)
      dm-types (~> 1.0.2)
      dm-validations (~> 1.0.2)
      nokogiri (~> 1.4.1)
      open_namespace (~> 0.3.0)
      parameters (~> 0.2.2)
      pullr (~> 0.1.2)
      ronin-support (~> 0.1.0)
      thor (~> 0.14.2)
      tzinfo (~> 0.3.22)
      uri-query_params (~> 0.4.0)

GEM
  remote: https://rubygems.org/
  specs:
    activesupport (3.0.0)
    addressable (2.2.1)
    chars (0.1.2)
      yard (>= 0.2.3.5)
    contextify (0.1.6)
    data_objects (0.10.2)
      addressable (~> 2.1)
    data_paths (0.2.1)
    diff-lcs (1.1.2)
    dm-aggregates (1.0.2)
      dm-core (~> 1.0.2)
    dm-constraints (1.0.2)
      dm-core (~> 1.0.2)
      dm-migrations (~> 1.0.2)
    dm-core (1.0.2)
      addressable (~> 2.2)
      extlib (~> 0.9.15)
    dm-do-adapter (1.0.2)
      data_objects (~> 0.10.2)
      dm-core (~> 1.0.2)
    dm-is-predefined (0.3.0)
      activesupport (~> 3.0.0.beta3)
      dm-core (~> 1.0.0)
    dm-sqlite-adapter (1.0.2)
      dm-do-adapter (~> 1.0.2)
      do_sqlite3 (~> 0.10.2)
    dm-tags (1.0.2)
      dm-core (~> 1.0.2)
    dm-timestamps (1.0.2)
      dm-core (~> 1.0.2)
    dm-types (1.0.2)
      dm-core (~> 1.0.2)
      fastercsv (~> 1.5.3)
      json_pure (~> 1.4)
      stringex (~> 1.1.0)
      uuidtools (~> 2.1.1)
    dm-validations (1.0.2)
      dm-core (~> 1.0.2)
    do_sqlite3 (0.10.2)
      data_objects (= 0.10.2)
    extlib (0.9.15)
    fastercsv (1.5.3)
    git (1.2.5)
    jeweler (1.5.0.pre3)
      bundler (~> 1.0.0)
      git (>= 1.2.5)
      rake
    json_pure (1.4.6)
    mechanize (1.0.0)
      nokogiri (>= 1.2.1)
    nokogiri (1.4.3.1)
    open_namespace (0.3.0)
    parameters (0.2.2)
    pullr (0.1.3)
      addressable (>= 2.1.1)
    rack (1.2.1)
    rack-test (0.5.4)
      rack (>= 1.0)
    rake (0.8.7)
    rdiscount (1.6.5)
    rspec (2.0.0.beta.20)
      rspec-core (= 2.0.0.beta.20)
      rspec-expectations (= 2.0.0.beta.20)
      rspec-mocks (= 2.0.0.beta.20)
    rspec-core (2.0.0.beta.20)
    rspec-expectations (2.0.0.beta.20)
      diff-lcs (>= 1.1.2)
    rspec-mocks (2.0.0.beta.20)
    sinatra (1.0)
      rack (>= 1.0)
    spidr (0.2.7)
    stringex (1.1.0)
    thor (0.14.2)
    tzinfo (0.3.23)
    uri-query_params (0.4.0)
    uuidtools (2.1.1)
    yard (0.6.1)

PLATFORMS
  ruby

DEPENDENCIES
  data_paths (~> 0.2.1)
  dm-migrations (~> 1.0.2)!
  jeweler (~> 1.5.0.pre)
  mechanize (~> 1.0.0)
  nokogiri (~> 1.4.1)
  rack-test (~> 0.5.4)
  rake (~> 0.8.7)
  rdiscount (~> 1.6.3)
  ronin (~> 0.4.0)!
  ronin-support (~> 0.1.0)!
  rspec (~> 2.0.0.beta.20)
  sinatra (~> 1.0)
  spidr (~> 0.2.0)
  yard (~> 0.6.0)
